GEM
  remote: http://rubygems.org/
  specs:
    mini_portile2 (2.1.0)
    nokogiri (1.7.1)
      mini_portile2 (~> 2.1.0)
    rubyXL (3.3.23)
      nokogiri (>= 1.4.4)
      rubyzip (>= 1.1.6)
    rubyzip (1.2.1)

PLATFORMS
  ruby

DEPENDENCIES
  nokogiri (~> 1.7, >= 1.7.1)
  rubyXL (~> 3.3, >= 3.3.23)

BUNDLED WITH
   1.14.6
